GIT
  remote: git://github.com/rubymotion/Joybox.git
  revision: 8edd0457a45d79405e3b9cd981b025a06f04aed2
  specs:
    joybox (1.1.0)
      rake

GEM
  remote: https://rubygems.org/
  specs:
    rake (10.1.0)

PLATFORMS
  ruby

DEPENDENCIES
  joybox!
